GEM
  remote: https://rubygems.org/
  specs:
    rouge (3.28.0)
    xcpretty (0.4.1)
      rouge (~> 3.28.0)

PLATFORMS
  arm64-darwin-24
  ruby

DEPENDENCIES
  xcpretty

BUNDLED WITH
   2.6.7
